GIT
  remote: https://github.com/grab/cocoapods-binary-cache.git
  revision: 82b9246ac8355b0228422d277c0d649e37aa9137
  branch: master
  specs:
    cocoapods-binary-cache (0.1.11)
      cocoapods (>= 1.5.0)
      fourflusher (~> 2.0)
      parallel (~> 1.0)
      rgl (~> 0.5.6)
      xcpretty (~> 0.3.0)

GEM
  remote: https://rubygems.org/
  specs:
    CFPropertyList (3.0.3)
    activesupport (5.2.4.4)
      concurrent-ruby (~> 1.0, >= 1.0.2)
      i18n (>= 0.7, < 2)
      minitest (~> 5.1)
      tzinfo (~> 1.1)
    addressable (2.7.0)
      public_suffix (>= 2.0.2, < 5.0)
    algoliasearch (1.27.5)
      httpclient (~> 2.8, >= 2.8.3)
      json (>= 1.5.1)
    atomos (0.1.3)
    claide (1.0.3)
    cocoapods (1.10.0)
      addressable (~> 2.6)
      claide (>= 1.0.2, < 2.0)
      cocoapods-core (= 1.10.0)
      cocoapods-deintegrate (>= 1.0.3, < 2.0)
      cocoapods-downloader (>= 1.4.0, < 2.0)
      cocoapods-plugins (>= 1.0.0, < 2.0)
      cocoapods-search (>= 1.0.0, < 2.0)
      cocoapods-trunk (>= 1.4.0, < 2.0)
      cocoapods-try (>= 1.1.0, < 2.0)
      colored2 (~> 3.1)
      escape (~> 0.0.4)
      fourflusher (>= 2.3.0, < 3.0)
      gh_inspector (~> 1.0)
      molinillo (~> 0.6.6)
      nap (~> 1.0)
      ruby-macho (~> 1.4)
      xcodeproj (>= 1.19.0, < 2.0)
    cocoapods-core (1.10.0)
      activesupport (> 5.0, < 6)
      addressable (~> 2.6)
      algoliasearch (~> 1.0)
      concurrent-ruby (~> 1.1)
      fuzzy_match (~> 2.0.4)
      nap (~> 1.0)
      netrc (~> 0.11)
      public_suffix
      typhoeus (~> 1.0)
    cocoapods-deintegrate (1.0.4)
    cocoapods-downloader (1.4.0)
    cocoapods-plugins (1.0.0)
      nap
    cocoapods-search (1.0.0)
    cocoapods-trunk (1.5.0)
      nap (>= 0.8, < 2.0)
      netrc (~> 0.11)
    cocoapods-try (1.2.0)
    coderay (1.1.3)
    colored2 (3.1.2)
    concurrent-ruby (1.1.7)
    escape (0.0.4)
    ethon (0.12.0)
      ffi (>= 1.3.0)
    ffi (1.14.2)
    fourflusher (2.3.1)
    fuzzy_match (2.0.4)
    generator (0.0.1)
    gh_inspector (1.1.3)
    httpclient (2.8.3)
    i18n (1.8.7)
      concurrent-ruby (~> 1.0)
    interception (0.5)
    json (2.5.1)
    lazy_priority_queue (0.1.1)
    method_source (0.9.2)
    minitest (5.14.3)
    molinillo (0.6.6)
    nanaimo (0.3.0)
    nap (1.1.0)
    netrc (0.11.0)
    parallel (1.20.1)
    pry (0.12.2)
      coderay (~> 1.1.0)
      method_source (~> 0.9.0)
    pry-nav (0.3.0)
      pry (>= 0.9.10, < 0.13.0)
    pry-rescue (1.5.2)
      interception (>= 0.5)
      pry (>= 0.12.0)
    public_suffix (4.0.6)
    rgl (0.5.7)
      lazy_priority_queue (~> 0.1.0)
      stream (~> 0.5.3)
    rouge (2.0.7)
    ruby-macho (1.4.0)
    stream (0.5.3)
      generator
    thread_safe (0.3.6)
    typhoeus (1.4.0)
      ethon (>= 0.9.0)
    tzinfo (1.2.9)
      thread_safe (~> 0.1)
    xcodeproj (1.19.0)
      CFPropertyList (>= 2.3.3, < 4.0)
      atomos (~> 0.1.3)
      claide (>= 1.0.2, < 2.0)
      colored2 (~> 3.1)
      nanaimo (~> 0.3.0)
    xcpretty (0.3.0)
      rouge (~> 2.0.7)

PLATFORMS
  ruby

DEPENDENCIES
  cocoapods (= 1.10.0)
  cocoapods-binary-cache!
  pry
  pry-nav
  pry-rescue

BUNDLED WITH
   2.1.4
